GIT
  remote: git://github.com/rtomayko/rocco.git
  revision: d0690e626983c8eef432b0e3ef541300e35ec7f9
  specs:
    rocco (0.6)
      mustache
      rdiscount

GEM
  remote: http://rubygems.org/
  specs:
    abstract (1.0.0)
    archive-tar-minitar (0.5.2)
    erubis (2.6.6)
      abstract (>= 1.0.0)
    ffi (0.6.3)
      rake (>= 0.8.7)
    i18n (0.5.0)
    json (1.5.5)
    mario (0.0.6)
    mustache (0.99.3)
    net-scp (1.0.4)
      net-ssh (>= 1.99.1)
    net-ssh (2.1.4)
    rake (13.0.1)
    rdiscount (1.6.8)
    thor (0.14.6)
    vagrant (0.7.2)
      archive-tar-minitar (= 0.5.2)
      erubis (~> 2.6.6)
      i18n (~> 0.5.0)
      json (~> 1.5.1)
      mario (~> 0.0.6)
      net-scp (~> 1.0.4)
      net-ssh (~> 2.1.0)
      thor (~> 0.14.6)
      virtualbox (~> 0.8.3)
    virtualbox (0.8.3)
      ffi (~> 0.6.3)

PLATFORMS
  ruby

DEPENDENCIES
  rocco!
  vagrant
  virtualbox
